GEM
  remote: http://rubygems.org/
  remote: http://gems.github.com/
  specs:
    nokogiri (1.5.5)

PLATFORMS
  ruby

DEPENDENCIES
  nokogiri
